GEM
  remote: https://rubygems.org/
  specs:
    bigdecimal (3.1.9)
    concurrent-ruby (1.3.5)
    digest-crc (0.7.0)
      rake (>= 12.0.0, < 14.0.0)
    google-protobuf (4.29.3)
      bigdecimal
      rake (>= 13)
    google-protobuf (4.29.3-x86_64-linux)
      bigdecimal
      rake (>= 13)
    rake (13.2.1)
    ruby-kafka (1.5.0)
      digest-crc
    snappy (0.4.0)

PLATFORMS
  ruby
  x86_64-linux

DEPENDENCIES
  concurrent-ruby
  google-protobuf
  ruby-kafka
  snappy

BUNDLED WITH
   2.5.10
